PATH
  remote: .
  specs:
    lookbook (0.1.0)
      method_source
      redcarpet
      rouge
      view_component

PATH
  remote: vendor/gems/method_source-1.0.0
  specs:
    method_source (1.0.0)

GEM
  remote: https://rubygems.org/
  specs:
    activesupport (6.1.4)
      concurrent-ruby (~> 1.0, >= 1.0.2)
      i18n (>= 1.6, < 2)
      minitest (>= 5.1)
      tzinfo (~> 2.0)
      zeitwerk (~> 2.3)
    concurrent-ruby (1.1.9)
    i18n (1.8.10)
      concurrent-ruby (~> 1.0)
    minitest (5.14.4)
    redcarpet (3.5.1)
    rouge (3.26.0)
    sqlite3 (1.4.2)
    tzinfo (2.0.4)
      concurrent-ruby (~> 1.0)
    view_component (2.34.0)
      activesupport (>= 5.0.0, < 7.0)
    zeitwerk (2.4.2)

PLATFORMS
  ruby

DEPENDENCIES
  lookbook!
  method_source!
  sqlite3

BUNDLED WITH
   2.1.4
